PATH
  remote: .
  specs:
    taperole (2.1.1)
      colorize (~> 0.8.1)
      slack-notifier (~> 1.5)
      thor (~> 0.19.1)

GEM
  remote: https://rubygems.org/
  specs:
    colorize (0.8.1)
    diff-lcs (1.3)
    rake (12.0.0)
    rspec (3.5.0)
      rspec-core (~> 3.5.0)
      rspec-expectations (~> 3.5.0)
      rspec-mocks (~> 3.5.0)
    rspec-core (3.5.4)
      rspec-support (~> 3.5.0)
    rspec-expectations (3.5.0)
      diff-lcs (>= 1.2.0, < 2.0)
      rspec-support (~> 3.5.0)
    rspec-mocks (3.5.0)
      diff-lcs (>= 1.2.0, < 2.0)
      rspec-support (~> 3.5.0)
    rspec-support (3.5.0)
    slack-notifier (1.5.1)
    thor (0.19.4)

PLATFORMS
  ruby

DEPENDENCIES
  rake (= 12.0.0)
  rspec (~> 3.5)
  rspec-expectations (~> 3.5)
  taperole!

BUNDLED WITH
   1.16.2
